PATH
  remote: .
  specs:
    casino_core-authenticator-activerecord (0.0.1)
      activerecord (~> 3.2.12)
      casino_core (~> 1.0)
      unix-crypt (~> 1.0.2)

GEM
  remote: https://rubygems.org/
  specs:
    activemodel (3.2.12)
      activesupport (= 3.2.12)
      builder (~> 3.0.0)
    activerecord (3.2.12)
      activemodel (= 3.2.12)
      activesupport (= 3.2.12)
      arel (~> 3.0.2)
      tzinfo (~> 0.3.29)
    activesupport (3.2.12)
      i18n (~> 0.6)
      multi_json (~> 1.0)
    addressable (2.3.2)
    arel (3.0.2)
    builder (3.0.4)
    casino_core (1.3.2)
      activerecord (~> 3.2.9)
      addressable (~> 2.3)
      faraday (~> 0.8)
      rotp (~> 1.4)
      terminal-table (~> 1.4)
      useragent (~> 0.4)
    diff-lcs (1.1.3)
    faraday (0.8.5)
      multipart-post (~> 1.1)
    i18n (0.6.1)
    multi_json (1.6.1)
    multipart-post (1.1.5)
    rake (10.0.3)
    rotp (1.4.1)
    rspec (2.12.0)
      rspec-core (~> 2.12.0)
      rspec-expectations (~> 2.12.0)
      rspec-mocks (~> 2.12.0)
    rspec-core (2.12.2)
    rspec-expectations (2.12.1)
      diff-lcs (~> 1.1.3)
    rspec-mocks (2.12.1)
    simplecov (0.7.1)
      multi_json (~> 1.0)
      simplecov-html (~> 0.7.1)
    simplecov-html (0.7.1)
    sqlite3 (1.3.7)
    terminal-table (1.4.5)
    tzinfo (0.3.35)
    unix-crypt (1.0.2)
    useragent (0.4.16)

PLATFORMS
  ruby

DEPENDENCIES
  casino_core-authenticator-activerecord!
  rake (~> 10.0)
  rspec (~> 2.12)
  simplecov (~> 0.7)
  sqlite3 (~> 1.3.7)
